GEM
  remote: http://rubygems.org/
  specs:
    capybara (0.4.1.2)
      celerity (>= 0.7.9)
      culerity (>= 0.2.4)
      mime-types (>= 1.16)
      nokogiri (>= 1.3.3)
      rack (>= 1.0.0)
      rack-test (>= 0.5.4)
      selenium-webdriver (>= 0.0.27)
      xpath (~> 0.1.3)
    celerity (0.8.9)
    childprocess (0.1.8)
      ffi (~> 1.0.6)
    contest (0.1.2)
    culerity (0.2.15)
    ffaker (1.4.0)
    ffi (1.0.7)
      rake (>= 0.8.7)
    haml (3.0.18)
    hashie (1.0.0)
    jsmin (1.0.1)
    json_pure (1.4.6)
    mime-types (1.16)
    nokogiri (1.4.4)
    rack (1.2.1)
    rack-test (0.6.0)
      rack (>= 1.0)
    rake (0.8.7)
    rubyzip (0.9.4)
    sass (3.1.1)
    selenium-webdriver (0.2.0)
      childprocess (>= 0.1.7)
      ffi (>= 1.0.7)
      json_pure
      rubyzip
    sequel (3.23.0)
    shield (0.0.3)
    sinatra (1.2.6)
      rack (~> 1.1)
      tilt (< 2.0, >= 1.2.2)
    sinatra-content-for (0.2)
      sinatra
    sinatra-sequel (0.9.0)
      sequel (>= 3.2.0)
      sinatra (>= 0.9.4)
    sinatra-support (1.0.3)
      sinatra (>= 1.0)
    spork (0.8.4)
    spork-testunit (0.0.5)
      spork (>= 0.6.0)
    sqlite3 (1.3.3)
    test-unit (2.3.0)
    test-unit-runner-failfast (0.0.1)
      test-unit (>= 2.2)
    therubyracer-heroku (0.8.1.pre3)
    tilt (1.3)
    xpath (0.1.4)
      nokogiri (~> 1.3)

PLATFORMS
  ruby

DEPENDENCIES
  capybara
  contest
  ffaker (~> 1.4.0)
  haml (>= 3.0)
  hashie (~> 1.0.0)
  jsmin (~> 1.0.0)
  sass (~> 3.1.1)
  sequel (~> 3.23.0)
  shield (~> 0.0.3)
  sinatra (~> 1.2.6)
  sinatra-content-for
  sinatra-sequel (~> 0.9.0)
  sinatra-support
  spork (~> 0.8.4)
  spork-testunit (~> 0.0.5)
  sqlite3 (~> 1.3.0)
  test-unit (>= 2.2.0)
  test-unit-runner-failfast
  therubyracer-heroku (= 0.8.1.pre3)
